GIT
  remote: git://github.com/loadsmart/danger-pep8.git
  revision: d3afcce38e8fae68f664605190fa3427d6f9041a
  specs:
    danger-pep8 (0.0.2)
      danger-plugin-api (~> 1.0)

GEM
  remote: https://rubygems.org/
  specs:
    addressable (2.5.0)
      public_suffix (~> 2.0, >= 2.0.2)
    claide (1.0.1)
    claide-plugins (0.9.2)
      cork
      nap
      open4 (~> 1.3)
    coderay (1.1.1)
    colored (1.2)
    cork (0.2.0)
      colored (~> 1.2)
    danger (4.0.4)
      claide (~> 1.0)
      claide-plugins (>= 0.9.2)
      colored (~> 1.2)
      cork (~> 0.1)
      faraday (~> 0.9)
      faraday-http-cache (~> 1.0)
      git (~> 1)
      kramdown (~> 1.5)
      octokit (~> 4.2)
      terminal-table (~> 1)
    danger-plugin-api (1.0.0)
      danger (> 2.0)
    faraday (0.10.0)
      multipart-post (>= 1.2, < 3)
    faraday-http-cache (1.3.1)
      faraday (~> 0.8)
    git (1.3.0)
    kramdown (1.13.1)
    method_source (0.8.2)
    multipart-post (2.0.0)
    nap (1.1.0)
    octokit (4.6.2)
      sawyer (~> 0.8.0, >= 0.5.3)
    open4 (1.3.4)
    pry (0.10.4)
      coderay (~> 1.1.0)
      method_source (~> 0.8.1)
      slop (~> 3.4)
    public_suffix (2.0.4)
    sawyer (0.8.1)
      addressable (>= 2.3.5, < 2.6)
      faraday (~> 0.8, < 1.0)
    slop (3.6.0)
    terminal-table (1.7.3)
      unicode-display_width (~> 1.1.1)
    unicode-display_width (1.1.2)

PLATFORMS
  ruby

DEPENDENCIES
  danger
  danger-pep8!
  pry

BUNDLED WITH
   1.12.5
